GEM
  remote: http://rubygems.org/
  specs:
    activesupport (3.0.3)
    bcrypt-ruby (2.1.4)
    builder (2.1.2)
    couchrest (1.0.1)
      json (>= 1.4.6)
      mime-types (>= 1.15)
      rest-client (>= 1.5.1)
    couchrest_extended_document (1.0.0)
      activesupport (>= 2.3.0)
      builder (>= 2.1.2)
      couchrest (>= 1.0.0)
      mime-types (>= 1.15)
    erector (0.8.1)
      hoe (>= 1.5.0)
    hoe (1.12.2)
      rake (>= 0.8.4)
      rubyforge (>= 1.0.3)
    json (1.5.1)
    json_pure (1.5.1)
    mime-types (1.16)
    rack (1.2.1)
    rake (0.8.7)
    rest-client (1.6.1)
      mime-types (>= 1.16)
    rubyforge (2.0.4)
      json_pure (>= 1.1.7)
    sinatra (1.1.2)
      rack (~> 1.1)
      tilt (~> 1.2)
    tilt (1.2.2)

PLATFORMS
  ruby

DEPENDENCIES
  bcrypt-ruby
  couchrest
  couchrest_extended_document
  erector
  hoe (< 2.0.0)
  sinatra
