GEM
  remote: http://rubygems.org/
  specs:
    RubyInline (3.9.0)
      ZenTest (~> 4.3)
    ZenTest (4.5.0)
    activesupport (3.0.3)
    bcrypt-ruby (2.1.4)
    builder (2.1.2)
    couchrest (1.0.1)
      json (>= 1.4.6)
      mime-types (>= 1.15)
      rest-client (>= 1.5.1)
    couchrest_extended_document (1.0.0)
      activesupport (>= 2.3.0)
      builder (>= 2.1.2)
      couchrest (>= 1.0.0)
      mime-types (>= 1.15)
    fastimage (1.2.8)
    fastimage_resize (1.2.3)
      RubyInline (>= 3.8.2)
      fastimage (>= 1.2.0)
    hoe (1.12.2)
      rake (>= 0.8.4)
      rubyforge (>= 1.0.3)
    i18n (0.5.0)
    image_size (1.0.3)
    json (1.5.1)
    json_pure (1.5.1)
    mime-types (1.16)
    mimemagic (0.1.8)
    rack (1.2.1)
    rake (0.8.7)
    rest-client (1.6.1)
      mime-types (>= 1.16)
    rubyforge (2.0.4)
      json_pure (>= 1.1.7)
    sinatra (1.1.2)
      rack (~> 1.1)
      tilt (~> 1.2)
    tilt (1.2.2)

PLATFORMS
  ruby

DEPENDENCIES
  bcrypt-ruby
  couchrest
  couchrest_extended_document
  fastimage_resize
  hoe (< 2.0.0)
  i18n
  image_size
  mimemagic
  sinatra
